GEM
  remote: https://rubygems.org/
  specs:
    bson (1.11.1)
    foreman (0.24.0)
      term-ansicolor (~> 1.0.5)
      thor (>= 0.13.6)
    macaddr (1.7.1)
      systemu (~> 2.6.2)
    mail (2.6.1)
      mime-types (>= 1.16, < 3)
    mime-types (2.4.3)
    moneta (0.8.0)
    mongo (1.11.1)
      bson (= 1.11.1)
    pony (1.11)
      mail (>= 2.0)
    rack (1.4.0)
    rack-protection (1.2.0)
      rack
    redcarpet (3.2.0)
    sinatra (1.3.2)
      rack (~> 1.3, >= 1.3.6)
      rack-protection (~> 1.2)
      tilt (~> 1.3, >= 1.3.3)
    systemu (2.6.4)
    term-ansicolor (1.0.7)
    thor (0.14.6)
    tilt (1.3.3)
    uuid (2.3.7)
      macaddr (~> 1.0)

PLATFORMS
  ruby

DEPENDENCIES
  foreman
  moneta
  mongo
  pony
  redcarpet
  sinatra
  uuid
